GEM
  remote: https://rubygems.org/
  specs:
    dotenv (0.8.0)
    foreman (0.63.0-x86-mingw32)
      dotenv (>= 0.7)
      thor (>= 0.13.6)
      win32console (~> 1.3.0)
    rake (10.1.0)
    thor (0.18.1)
    win32console (1.3.2-x86-mingw32)

PLATFORMS
  x86-mingw32

DEPENDENCIES
  foreman
  rake
